GEM
  remote: http://rubygems.org/
  specs:
    gherkin (2.4.1)
      json (>= 1.4.6)
    json (1.5.3)

PLATFORMS
  ruby

DEPENDENCIES
  gherkin
